PATH
  remote: .
  specs:
    cucumber (4.0.0.rc.4)
      builder (~> 3.2, >= 3.2.3)
      cucumber-core (~> 6.0, >= 6.0.0)
      cucumber-expressions (~> 8.0, >= 8.0.2)
      cucumber-gherkin (~> 10.0, >= 10.0.0)
      cucumber-wire (~> 2.0, >= 2.0.0)
      diff-lcs (~> 1.3, >= 1.3)
      multi_test (~> 0.1, >= 0.1.2)

PATH
  remote: ../cucumber-ruby-core
  specs:
    cucumber-core (6.0.0)
      cucumber-gherkin (~> 10.0, >= 10.0.0)
      cucumber-messages (~> 10.0, >= 10.0.1)
      cucumber-tag_expressions (~> 2.0, >= 2.0.2)

PATH
  remote: ../cucumber-ruby-wire
  specs:
    cucumber-wire (2.0.0)
      cucumber-core (~> 6.0, >= 6.0.0)
      cucumber-expressions (~> 8.0, >= 8.0.2)

PATH
  remote: ../cucumber-messages
  specs:
    cucumber-messages (10.0.1)
      protobuf-cucumber (~> 3.10, >= 3.10.8)

GEM
  remote: https://rubygems.org/
  specs:
    activesupport (6.0.2.1)
      concurrent-ruby (~> 1.0, >= 1.0.2)
      i18n (>= 0.7, < 2)
      minitest (~> 5.1)
      tzinfo (~> 1.1)
      zeitwerk (~> 2.2)
    addressable (2.7.0)
      public_suffix (>= 2.0.2, < 5.0)
    aruba (0.14.14)
      childprocess (>= 0.6.3, < 4.0.0)
      contracts (~> 0.9)
      cucumber (>= 1.3.19)
      ffi (~> 1.9)
      rspec-expectations (>= 2.99)
      thor (>= 0.19, < 2.0)
    ast (2.4.0)
    builder (3.2.4)
    capybara (3.15.0)
      addressable
      mini_mime (>= 0.1.3)
      nokogiri (~> 1.8)
      rack (>= 1.6.0)
      rack-test (>= 0.6.3)
      regexp_parser (~> 1.2)
      xpath (~> 3.2)
    childprocess (3.0.0)
    coderay (1.1.2)
    concurrent-ruby (1.1.6)
    contracts (0.16.0)
    cucumber-expressions (8.3.0)
    cucumber-gherkin (10.0.0)
      cucumber-messages (~> 10.0, >= 10.0.1)
    cucumber-tag_expressions (2.0.2)
    diff-lcs (1.3)
    docile (1.3.2)
    faraday (1.0.0)
      multipart-post (>= 1.2, < 3)
    ffi (1.12.2)
    hoe (3.22.1)
      rake (>= 0.8, < 15.0)
    i18n (1.8.2)
      concurrent-ruby (~> 1.0)
    jaro_winkler (1.5.4)
    method_source (0.9.2)
    middleware (0.1.0)
    mini_mime (1.0.2)
    mini_portile2 (2.4.0)
    minitest (5.14.0)
    multi_test (0.1.2)
    multipart-post (2.1.1)
    mustermann (1.1.1)
      ruby2_keywords (~> 0.0.1)
    nokogiri (1.10.9)
      mini_portile2 (~> 2.4.0)
    octokit (4.16.0)
      faraday (>= 0.9)
      sawyer (~> 0.8.0, >= 0.5.3)
    parallel (1.19.1)
    parser (2.7.0.4)
      ast (~> 2.4.0)
    protobuf-cucumber (3.10.8)
      activesupport (>= 3.2)
      middleware
      thor
      thread_safe
    pry (0.12.2)
      coderay (~> 1.1.0)
      method_source (~> 0.9.0)
    public_suffix (4.0.3)
    rack (2.2.2)
    rack-protection (2.0.8.1)
      rack
    rack-test (1.1.0)
      rack (>= 1.0, < 3)
    rainbow (3.0.0)
    rake (12.3.3)
    regexp_parser (1.7.0)
    rspec (3.9.0)
      rspec-core (~> 3.9.0)
      rspec-expectations (~> 3.9.0)
      rspec-mocks (~> 3.9.0)
    rspec-core (3.9.1)
      rspec-support (~> 3.9.1)
    rspec-expectations (3.9.0)
      diff-lcs (>= 1.2.0, < 2.0)
      rspec-support (~> 3.9.0)
    rspec-mocks (3.9.1)
      diff-lcs (>= 1.2.0, < 2.0)
      rspec-support (~> 3.9.0)
    rspec-support (3.9.2)
    rubocop (0.75.1)
      jaro_winkler (~> 1.5.1)
      parallel (~> 1.10)
      parser (>= 2.6)
      rainbow (>= 2.2.2, < 4.0)
      ruby-progressbar (~> 1.7)
      unicode-display_width (>= 1.4.0, < 1.7)
    ruby-progressbar (1.10.1)
    ruby2_keywords (0.0.2)
    sawyer (0.8.2)
      addressable (>= 2.3.5)
      faraday (> 0.8, < 2.0)
    simplecov (0.18.5)
      docile (~> 1.1)
      simplecov-html (~> 0.11)
    simplecov-html (0.12.2)
    sinatra (2.0.8.1)
      mustermann (~> 1.0)
      rack (~> 2.0)
      rack-protection (= 2.0.8.1)
      tilt (~> 2.0)
    syntax (1.2.2)
    test-unit (1.2.3)
      hoe (>= 1.5.1)
    thor (1.0.1)
    thread_safe (0.3.6)
    tilt (2.0.10)
    tzinfo (1.2.6)
      thread_safe (~> 0.1)
    unicode-display_width (1.6.1)
    xpath (3.2.0)
      nokogiri (~> 1.8)
    zeitwerk (2.2.2)

PLATFORMS
  ruby

DEPENDENCIES
  aruba (~> 0.14, >= 0.14.11)
  capybara (= 3.15.0)
  cucumber!
  cucumber-core!
  cucumber-messages!
  cucumber-wire!
  nokogiri (~> 1.10, >= 1.10.4)
  octokit (~> 4.14, >= 4.14.0)
  pry (~> 0.12, >= 0.12.2)
  rack-test (~> 1.1, >= 1.1.0)
  rake (~> 12.3, >= 12.3.3)
  rspec (~> 3.8, >= 3.8.0)
  rubocop (~> 0.75, = 0.75.1)
  simplecov (~> 0.17, >= 0.17.0)
  sinatra (~> 2.0, >= 2.0.5)
  syntax (~> 1.2, >= 1.2.2)
  test-unit (~> 1.2, >= 1.2.3)

BUNDLED WITH
   2.1.4
